GEM
  remote: https://rubygems.org/
  specs:
    backports (3.6.8)
    foreman (0.82.0)
      thor (~> 0.19.1)
    haml (4.0.7)
      tilt
    mini_portile2 (2.1.0)
    multi_json (1.12.1)
    nokogiri (1.6.8)
      mini_portile2 (~> 2.1.0)
      pkg-config (~> 1.1.7)
    pkg-config (1.1.7)
    power_assert (0.4.1)
    puma (3.6.0)
    rack (1.6.4)
    rack-protection (1.5.3)
      rack
    rack-test (0.6.3)
      rack (>= 1.0)
    rake (11.2.2)
    sass (3.4.22)
    sinatra (1.4.7)
      rack (~> 1.5)
      rack-protection (~> 1.4)
      tilt (>= 1.3, < 3)
    sinatra-contrib (1.4.7)
      backports (>= 2.0)
      multi_json
      rack-protection
      rack-test
      sinatra (~> 1.4.0)
      tilt (>= 1.3, < 3)
    test-unit (3.2.1)
      power_assert
    thor (0.19.1)
    tilt (2.0.5)

PLATFORMS
  ruby

DEPENDENCIES
  foreman
  haml
  nokogiri
  puma
  rack-test
  rake
  sass
  sinatra
  sinatra-contrib
  test-unit

BUNDLED WITH
   1.13.6
